GEM
  remote: https://rubygems.org/
  specs:
    airbrussh (1.3.1)
      sshkit (>= 1.6.1, != 1.7.0)
    capistrano (3.11.0)
      airbrussh (>= 1.0.0)
      i18n
      rake (>= 10.0.0)
      sshkit (>= 1.9.0)
    coderay (1.1.2)
    concurrent-ruby (1.1.5)
    daemons (1.3.1)
    dotenv (2.7.1)
    eventmachine (1.2.7)
    haml (5.0.4)
      temple (>= 0.8.0)
      tilt
    i18n (1.6.0)
      concurrent-ruby (~> 1.0)
    matest (1.6.6)
      sorcerer (~> 1.0.2)
      term-ansicolor (~> 1.3.0)
    method_source (0.9.2)
    net-scp (1.2.1)
      net-ssh (>= 2.6.5)
    net-ssh (5.2.0)
    pry (0.12.2)
      coderay (~> 1.1.0)
      method_source (~> 0.9.0)
    rack (2.0.6)
    rack_csrf (2.6.0)
      rack (>= 1.1.0)
    rake (12.3.2)
    roda (3.18.0)
      rack
    sorcerer (1.0.2)
    sshkit (1.18.2)
      net-scp (>= 1.1.2)
      net-ssh (>= 2.8.0)
    temple (0.8.1)
    term-ansicolor (1.3.2)
      tins (~> 1.0)
    thin (1.7.2)
      daemons (~> 1.0, >= 1.0.9)
      eventmachine (~> 1.0, >= 1.0.4)
      rack (>= 1, < 3)
    tilt (2.0.9)
    tins (1.20.2)

PLATFORMS
  ruby

DEPENDENCIES
  capistrano
  dotenv
  haml
  matest (= 1.6.6)
  pry
  rack_csrf
  rake
  roda
  thin
  tilt

BUNDLED WITH
   2.0.1
